GEM
  remote: https://rubygems.org/
  specs:
    inifile (3.0.0)
    lxp-packet (0.2.0)
    rack (2.1.1)
    roda (3.28.0)
      rack
    slim (4.0.1)
      temple (>= 0.7.6, < 0.9)
      tilt (>= 2.0.6, < 2.1)
    temple (0.8.2)
    tilt (2.0.10)
    zeitwerk (2.2.2)

PLATFORMS
  ruby

DEPENDENCIES
  inifile
  lxp-packet
  roda
  slim
  tilt
  zeitwerk

RUBY VERSION
   ruby 2.6.3p62

BUNDLED WITH
   2.1.4
