GEM
  remote: https://rubygems.org/
  specs:
    inifile (3.0.0)
    lxp-packet (0.1.2)
    rack (2.1.1)
    roda (3.28.0)
      rack
    zeitwerk (2.2.2)

PLATFORMS
  ruby

DEPENDENCIES
  inifile
  lxp-packet
  roda
  zeitwerk

BUNDLED WITH
   2.0.2
